PATH
  remote: .
  specs:
    trans (0.5.10)
      pygments.rb
      redcarpet

GEM
  remote: http://ruby.taobao.org/
  specs:
    posix-spawn (0.3.8)
    pygments.rb (0.6.0)
      posix-spawn (~> 0.3.6)
      yajl-ruby (~> 1.1.0)
    redcarpet (3.1.2)
    yajl-ruby (1.1.0)

PLATFORMS
  ruby

DEPENDENCIES
  pygments.rb
  redcarpet
  trans!
